PATH
  remote: .
  specs:
    krake (0.0.1)
      rest-client

GEM
  remote: http://rubygems.org/
  specs:
    mime-types (1.22)
    rest-client (1.6.7)
      mime-types (>= 1.16)

PLATFORMS
  ruby

DEPENDENCIES
  krake!
